GEM
  remote: https://rubygems.org/
  specs:
    activesupport (6.1.4.4)
      concurrent-ruby (~> 1.0, >= 1.0.2)
      i18n (>= 1.6, < 2)
      minitest (>= 5.1)
      tzinfo (~> 2.0)
      zeitwerk (~> 2.3)
    concurrent-ruby (1.1.9)
    i18n (1.9.1)
      concurrent-ruby (~> 1.0)
    jmespath (1.6.1)
    json (2.6.1)
    kramdown (2.3.1)
      rexml
    minitest (5.15.0)
    mustache (1.1.1)
    rake (13.0.6)
    rbs (1.7.1)
    rexml (3.2.5)
    tzinfo (2.0.4)
      concurrent-ruby (~> 1.0)
    zeitwerk (2.5.4)

PLATFORMS
  arm64-darwin-21
  x86_64-linux

DEPENDENCIES
  activesupport (< 7)
  jmespath
  json
  kramdown
  mustache
  rake
  rbs (< 1.8)

BUNDLED WITH
   2.3.3
